GEM
  specs:

PLATFORMS
  arm64-darwin-23
  ruby

DEPENDENCIES

BUNDLED WITH
   2.6.7
